GEM
  remote: https://rubygems.org/
  specs:
    ast (2.4.0)
    byebug (11.0.1)
    jaro_winkler (1.5.3)
    minitest (5.13.0)
    parallel (1.18.0)
    parser (2.6.5.0)
      ast (~> 2.4.0)
    rainbow (3.0.0)
    rubocop (0.75.0)
      jaro_winkler (~> 1.5.1)
      parallel (~> 1.10)
      parser (>= 2.6)
      rainbow (>= 2.2.2, < 4.0)
      ruby-progressbar (~> 1.7)
      unicode-display_width (>= 1.4.0, < 1.7)
    ruby-progressbar (1.10.1)
    ruby2d (0.9.2)
    unicode-display_width (1.6.0)

PLATFORMS
  ruby

DEPENDENCIES
  byebug
  minitest (~> 5)
  rubocop
  ruby2d (~> 0.9.2)

BUNDLED WITH
   1.17.3
